GEM
  remote: http://rubygems.org/
  specs:
    coderay (1.0.7)
    erubis (2.7.0)
    foodcritic (1.6.1)
      erubis
      gherkin (~> 2.11.1)
      gist (~> 3.1.0)
      nokogiri (= 1.5.0)
      pry (~> 0.9.8.4)
      rak (~> 1.4)
      treetop (~> 1.4.10)
      yajl-ruby (~> 1.1.0)
    gherkin (2.11.2-x86-mingw32)
      json (>= 1.4.6)
    gist (3.1.0)
    json (1.5.4)
    method_source (0.7.1)
    nokogiri (1.5.0-x86-mingw32)
    polyglot (0.3.3)
    pry (0.9.8.4-x86-mingw32)
      coderay (~> 1.0.5)
      method_source (~> 0.7.1)
      slop (>= 2.4.4, < 3)
      win32console (~> 1.3)
    rak (1.4)
    rake (0.9.2.2)
    slop (2.4.4)
    treetop (1.4.10)
      polyglot
      polyglot (>= 0.3.1)
    win32console (1.3.2-x86-mingw32)
    yajl-ruby (1.1.0-x86-mingw32)

PLATFORMS
  ruby
  x86-mingw32

DEPENDENCIES
  foodcritic (~> 1.6.1)
  rake (~> 0.9.2)
